GEM
  remote: https://rubygems.org/
  specs:
    bosh-template (2.0.0)
      semi_semantic (~> 1.2.0)
    diff-lcs (1.5.0)
    json (2.6.3)
    rspec (3.12.0)
      rspec-core (~> 3.12.0)
      rspec-expectations (~> 3.12.0)
      rspec-mocks (~> 3.12.0)
    rspec-core (3.12.2)
      rspec-support (~> 3.12.0)
    rspec-expectations (3.12.3)
      diff-lcs (>= 1.2.0, < 2.0)
      rspec-support (~> 3.12.0)
    rspec-mocks (3.12.5)
      diff-lcs (>= 1.2.0, < 2.0)
      rspec-support (~> 3.12.0)
    rspec-support (3.12.0)
    semi_semantic (1.2.0)
    yaml (0.2.1)

PLATFORMS
  ruby

DEPENDENCIES
  bosh-template
  json
  rspec
  yaml

RUBY VERSION
   ruby 2.7.3p183

BUNDLED WITH
   2.1.4
